PATH
  remote: .
  specs:
    stocks (0.0.4)
      activerecord (~> 4)
      activesupport (~> 4)
      lrucache (~> 0.1)
      yahoofinance (~> 1.2)

GEM
  remote: https://rubygems.org/
  specs:
    PriorityQueue (0.1.2)
    activemodel (4.2.2)
      activesupport (= 4.2.2)
      builder (~> 3.1)
    activerecord (4.2.2)
      activemodel (= 4.2.2)
      activesupport (= 4.2.2)
      arel (~> 6.0)
    activesupport (4.2.2)
      i18n (~> 0.7)
      json (~> 1.7, >= 1.7.7)
      minitest (~> 5.1)
      thread_safe (~> 0.3, >= 0.3.4)
      tzinfo (~> 1.1)
    arel (6.0.0)
    builder (3.2.2)
    diff-lcs (1.2.5)
    i18n (0.7.0)
    json (1.8.3)
    lrucache (0.1.4)
      PriorityQueue (~> 0.1.2)
    minitest (5.7.0)
    rspec (2.99.0)
      rspec-core (~> 2.99.0)
      rspec-expectations (~> 2.99.0)
      rspec-mocks (~> 2.99.0)
    rspec-core (2.99.2)
    rspec-expectations (2.99.2)
      diff-lcs (>= 1.1.3, < 2.0)
    rspec-mocks (2.99.4)
    sqlite3 (1.3.10)
    thread_safe (0.3.5)
    tzinfo (1.2.2)
      thread_safe (~> 0.1)
    yahoofinance (1.2.2)

PLATFORMS
  ruby

DEPENDENCIES
  rspec (~> 2)
  sqlite3 (~> 1.3)
  stocks!
